PATH
  remote: .
  specs:
    cctray (0.0.1)
      nokogiri

GEM
  remote: https://rubygems.org/
  specs:
    mini_portile (0.5.2)
    nokogiri (1.6.1)
      mini_portile (~> 0.5.0)
    rake (10.1.1)

PLATFORMS
  ruby

DEPENDENCIES
  cctray!
  rake
